GEM
  remote: https://rubygems.org/
  specs:
    appsignal (3.0.2)
      rack
    rack (2.2.3)

PLATFORMS
  x86_64-darwin-19

DEPENDENCIES
  appsignal

BUNDLED WITH
   2.2.15
